GEM
  remote: https://rubygems.org/
  specs:
    active_support (3.0.0)
      activesupport (= 3.0.0)
    activesupport (3.0.0)
    clusterer (0.1.9)
      stemmer (>= 0.0.0)
    email_reply_parser (0.5.3)
    spellingbee (0.0.2)
    stemmer (1.0.1)
    stopwords-filter (0.1.0)
    tf_idf (0.0.2)
    trollop (2.0)

PLATFORMS
  ruby

DEPENDENCIES
  active_support
  clusterer
  email_reply_parser
  spellingbee
  stopwords-filter
  tf_idf
  trollop
